PATH
  remote: vendor/engines
  specs:
    refinerycms-inquiries (0.9.9.9)
      filters_spam (~> 0.2)

GEM
  remote: https://gems.github.org/
  specs:
    aaronh-chronic (0.3.9)
    abstract (1.0.0)
    actionmailer (3.0.9)
      actionpack (= 3.0.9)
      mail (~> 2.2.19)
    actionpack (3.0.9)
      activemodel (= 3.0.9)
      activesupport (= 3.0.9)
      builder (~> 2.1.2)
      erubis (~> 2.6.6)
      i18n (~> 0.5.0)
      rack (~> 1.2.1)
      rack-mount (~> 0.6.14)
      rack-test (~> 0.5.7)
      tzinfo (~> 0.3.23)
    activemodel (3.0.9)
      activesupport (= 3.0.9)
      builder (~> 2.1.2)
      i18n (~> 0.5.0)
    activerecord (3.0.9)
      activemodel (= 3.0.9)
      activesupport (= 3.0.9)
      arel (~> 2.0.10)
      tzinfo (~> 0.3.23)
    activeresource (3.0.9)
      activemodel (= 3.0.9)
      activesupport (= 3.0.9)
    activesupport (3.0.9)
    acts_as_indexed (0.7.3)
    arel (2.0.10)
    babosa (0.3.5)
    bcrypt-ruby (2.1.4)
    builder (2.1.2)
    capistrano (2.6.0)
      highline
      net-scp (>= 1.0.0)
      net-sftp (>= 2.0.0)
      net-ssh (>= 2.0.14)
      net-ssh-gateway (>= 1.1.0)
    cocaine (0.1.0)
    cocoon (1.0.10)
    crummy (1.2)
    daemons (1.1.4)
    devise (1.3.4)
      bcrypt-ruby (~> 2.1.2)
      orm_adapter (~> 0.0.3)
      warden (~> 1.0.3)
    dragonfly (0.8.5)
      rack
    erubis (2.6.6)
      abstract (>= 1.0.0)
    eventmachine (0.12.10)
    filters_spam (0.3)
    friendly_id_globalize3 (3.2.1.4)
      babosa (~> 0.3.0)
    globalize3 (0.2.0.beta1)
      activemodel (>= 3.0.0)
      activerecord (>= 3.0.0)
      paper_trail (~> 2)
    haml (3.1.2)
    highline (1.6.2)
    hirb (0.4.5)
    i18n (0.5.0)
    kgio (2.6.0)
    mail (2.2.19)
      activesupport (>= 2.3.6)
      i18n (>= 0.4.0)
      mime-types (~> 1.16)
      treetop (~> 1.4.8)
    meta_search (1.0.6)
      actionpack (~> 3.0.2)
      activerecord (~> 3.0.2)
      activesupport (~> 3.0.2)
      arel (~> 2.0.2)
    meta_where (1.0.4)
      activerecord (~> 3.0.0)
      activesupport (~> 3.0.0)
      arel (~> 2.0.7)
    mime-types (1.16)
    moretea-awesome_nested_set (1.4.3.1)
      activerecord (~> 3.0.0)
    net-scp (1.0.4)
      net-ssh (>= 1.99.1)
    net-sftp (2.0.5)
      net-ssh (>= 2.0.9)
    net-ssh (2.1.4)
    net-ssh-gateway (1.1.0)
      net-ssh (>= 1.99.1)
    nokogiri (1.5.0)
    orm_adapter (0.0.5)
    paper_trail (2.2.9)
      rails (~> 3)
    paperclip (2.3.15)
      activerecord (>= 2.3.0)
      activesupport (>= 2.3.2)
      cocaine (>= 0.0.2)
      mime-types
    polyglot (0.3.1)
    rack (1.2.3)
    rack-cache (1.0.2)
      rack (>= 0.4)
    rack-mount (0.6.14)
      rack (>= 1.0.0)
    rack-test (0.5.7)
      rack (>= 1.0)
    rails (3.0.9)
      actionmailer (= 3.0.9)
      actionpack (= 3.0.9)
      activerecord (= 3.0.9)
      activeresource (= 3.0.9)
      activesupport (= 3.0.9)
      bundler (~> 1.0)
      railties (= 3.0.9)
    railties (3.0.9)
      actionpack (= 3.0.9)
      activesupport (= 3.0.9)
      rake (>= 0.8.7)
      rdoc (~> 3.4)
      thor (~> 0.14.4)
    raindrops (0.7.0)
    rake (0.9.2)
    rdoc (3.8)
    refinerycms (0.9.9.21)
      bundler (~> 1.0)
      refinerycms-authentication (= 0.9.9.21)
      refinerycms-base (= 0.9.9.21)
      refinerycms-core (= 0.9.9.21)
      refinerycms-dashboard (= 0.9.9.21)
      refinerycms-images (= 0.9.9.21)
      refinerycms-pages (= 0.9.9.21)
      refinerycms-resources (= 0.9.9.21)
      refinerycms-settings (= 0.9.9.21)
    refinerycms-authentication (0.9.9.21)
      devise (~> 1.3.0)
      friendly_id_globalize3 (~> 3.2.1)
      refinerycms-core (= 0.9.9.21)
    refinerycms-base (0.9.9.21)
    refinerycms-core (0.9.9.21)
      acts_as_indexed (~> 0.7)
      friendly_id_globalize3 (~> 3.2.1)
      globalize3 (>= 0.1.0.beta)
      moretea-awesome_nested_set (~> 1.4)
      rails (~> 3.0.7)
      refinerycms-base (= 0.9.9.21)
      refinerycms-generators (~> 1.0)
      refinerycms-settings (= 0.9.9.21)
      truncate_html (~> 0.5)
      will_paginate (~> 3.0.pre)
    refinerycms-dashboard (0.9.9.21)
      refinerycms-core (= 0.9.9.21)
    refinerycms-generators (1.0.2)
    refinerycms-i18n (0.9.9.14)
      refinerycms-core (>= 0.9.9.8)
      routing-filter (>= 0.2.3)
    refinerycms-images (0.9.9.21)
      dragonfly (~> 0.8.4)
      rack-cache (>= 0.5.3)
      refinerycms-core (= 0.9.9.21)
    refinerycms-pages (0.9.9.21)
      friendly_id_globalize3 (~> 3.2.1)
      globalize3 (>= 0.1.0.beta)
      moretea-awesome_nested_set (~> 1.4)
      refinerycms-core (= 0.9.9.21)
      seo_meta (~> 1.0.5)
    refinerycms-resources (0.9.9.21)
      dragonfly (~> 0.8.4)
      rack-cache (>= 0.5.3)
      refinerycms-core (= 0.9.9.21)
    refinerycms-search (0.9.8)
      refinerycms (>= 0.9.8)
    refinerycms-settings (0.9.9.21)
      refinerycms-base (= 0.9.9.21)
    routing-filter (0.2.4)
      actionpack
    russian (0.2.7)
    seo_meta (1.0.7)
      refinerycms-generators (~> 1.0.1)
    sqlite3 (1.3.3)
    thin (1.2.11)
      daemons (>= 1.0.9)
      eventmachine (>= 0.12.6)
      rack (>= 1.0.0)
    thor (0.14.6)
    treetop (1.4.9)
      polyglot (>= 0.3.1)
    truncate_html (0.5.1)
    tzinfo (0.3.29)
    unicorn (4.0.1)
      kgio (~> 2.4)
      rack
      raindrops (~> 0.6)
    warden (1.0.4)
      rack (>= 1.0)
    whenever (0.6.8)
      aaronh-chronic (>= 0.3.9)
      activesupport (>= 2.3.4)
    will_paginate (3.0.pre2)

PLATFORMS
  ruby

DEPENDENCIES
  capistrano
  cocoon (= 1.0.10)
  crummy (>= 1.0.1)
  haml
  hirb
  meta_search
  meta_where
  nokogiri
  paperclip
  rails (= 3.0.9)
  refinerycms (= 0.9.9.21)
  refinerycms-i18n (= 0.9.9.14)
  refinerycms-inquiries (~> 0.9.9.9)!
  refinerycms-search (~> 0.9.8)
  russian
  sqlite3
  thin
  unicorn
  whenever
